GEM
  remote: https://rubygems.org/
  specs:
    diff-lcs (1.2.1)
    multi_json (1.6.1)
    rack (1.4.5)
    rack-protection (1.4.0)
      rack
    rack-test (0.6.2)
      rack (>= 1.0)
    rmagick (2.13.2)
    rspec (2.13.0)
      rspec-core (~> 2.13.0)
      rspec-expectations (~> 2.13.0)
      rspec-mocks (~> 2.13.0)
    rspec-core (2.13.0)
    rspec-expectations (2.13.0)
      diff-lcs (>= 1.1.3, < 2.0)
    rspec-mocks (2.13.0)
    sinatra (1.3.5)
      rack (~> 1.4)
      rack-protection (~> 1.3)
      tilt (~> 1.3, >= 1.3.3)
    tilt (1.3.4)
    yajl-ruby (1.1.0)

PLATFORMS
  ruby

DEPENDENCIES
  multi_json (~> 1.6.1)
  rack (~> 1.4.5)
  rack-test
  rmagick
  rspec
  sinatra (~> 1.3.5)
  yajl-ruby (~> 1.1.0)
