GEM
  remote: https://rubygems.org/
  specs:
    aws-sdk (1.11.3)
      json (~> 1.4)
      nokogiri (< 1.6.0)
      uuidtools (~> 2.1)
    diff-lcs (1.2.4)
    json (1.8.0)
    multi_json (1.7.7)
    nokogiri (1.5.10)
    rack (1.5.2)
    rack-protection (1.5.0)
      rack
    rack-test (0.6.2)
      rack (>= 1.0)
    rmagick (2.13.2)
    rspec (2.13.0)
      rspec-core (~> 2.13.0)
      rspec-expectations (~> 2.13.0)
      rspec-mocks (~> 2.13.0)
    rspec-core (2.13.1)
    rspec-expectations (2.13.0)
      diff-lcs (>= 1.1.3, < 2.0)
    rspec-mocks (2.13.1)
    sinatra (1.4.3)
      rack (~> 1.4)
      rack-protection (~> 1.4)
      tilt (~> 1.3, >= 1.3.4)
    tilt (1.4.1)
    uuidtools (2.1.4)
    yajl-ruby (1.1.0)

PLATFORMS
  ruby

DEPENDENCIES
  aws-sdk
  multi_json (~> 1.7.7)
  rack (~> 1.5.2)
  rack-test (~> 0.6.2)
  rmagick (~> 2.13.2)
  rspec (~> 2.13.0)
  sinatra (~> 1.4.3)
  yajl-ruby (~> 1.1.0)
